GIT
  remote: https://github.com/TakaGoto/taka_tic_tac_toe.git
  revision: 0bd249f78cb0341fc238b94303f620253dc36671
  specs:
    taka_tic_tac_toe (0.0.0)
      bundler (>= 1.3.5)
      cucumber (>= 1.3.1)
      rspec (>= 2.13.0)

GEM
  remote: https://rubygems.org/
  specs:
    builder (3.2.2)
    coderay (1.0.9)
    cucumber (1.3.2)
      builder (>= 2.1.2)
      diff-lcs (>= 1.1.3)
      gherkin (~> 2.12.0)
      multi_json (~> 1.3)
    diff-lcs (1.2.4)
    gherkin (2.12.0)
      multi_json (~> 1.3)
    method_source (0.8.1)
    multi_json (1.7.7)
    pry (0.9.12.2)
      coderay (~> 1.0.5)
      method_source (~> 0.8)
      slop (~> 3.4)
    rake (10.1.0)
    rspec (2.13.0)
      rspec-core (~> 2.13.0)
      rspec-expectations (~> 2.13.0)
      rspec-mocks (~> 2.13.0)
    rspec-core (2.13.1)
    rspec-expectations (2.13.0)
      diff-lcs (>= 1.1.3, < 2.0)
    rspec-mocks (2.13.1)
    slop (3.4.5)

PLATFORMS
  ruby

DEPENDENCIES
  pry
  rake
  taka_tic_tac_toe!
